GIT
  remote: https://github.com/jstoks/wisper.git
  revision: 1e7bb54b64a15db93fcae0d19ffcc5fdd2667158
  branch: ruby-3-compat-drop-2-6
  specs:
    wisper (2.0.1)

GEM
  remote: https://rubygems.org/
  specs:
    activemodel (7.0.4)
      activesupport (= 7.0.4)
    activerecord (7.0.4)
      activemodel (= 7.0.4)
      activesupport (= 7.0.4)
    activesupport (7.0.4)
      concurrent-ruby (~> 1.0, >= 1.0.2)
      i18n (>= 1.6, < 2)
      minitest (>= 5.1)
      tzinfo (~> 2.0)
    addressable (2.8.1)
      public_suffix (>= 2.0.2, < 6.0)
    ast (2.4.2)
    aws-eventstream (1.2.0)
    aws-partitions (1.638.0)
    aws-sdk-core (3.156.0)
      aws-eventstream (~> 1, >= 1.0.2)
      aws-partitions (~> 1, >= 1.525.0)
      aws-sigv4 (~> 1.1)
      jmespath (~> 1, >= 1.6.1)
    aws-sdk-kms (1.58.0)
      aws-sdk-core (~> 3, >= 3.127.0)
      aws-sigv4 (~> 1.1)
    aws-sdk-s3 (1.114.0)
      aws-sdk-core (~> 3, >= 3.127.0)
      aws-sdk-kms (~> 1)
      aws-sigv4 (~> 1.4)
    aws-sigv4 (1.5.1)
      aws-eventstream (~> 1, >= 1.0.2)
    coderay (1.1.3)
    concurrent-ruby (1.1.10)
    connection_pool (2.3.0)
    crack (0.4.5)
      rexml
    database_cleaner (2.0.1)
      database_cleaner-active_record (~> 2.0.0)
    database_cleaner-active_record (2.0.1)
      activerecord (>= 5.a)
      database_cleaner-core (~> 2.0.0)
    database_cleaner-core (2.0.1)
    debase (0.2.5.beta2)
      debase-ruby_core_source (>= 0.10.12)
    debase-ruby_core_source (0.10.17)
    diff-lcs (1.5.0)
    domain_name (0.5.20190701)
      unf (>= 0.0.5, < 1.0.0)
    epb-auth-tools (1.0.11)
      jwt (~> 2.3)
      oauth2 (>= 1.4, < 3.0)
    epb_view_models (1.0.25)
      nokogiri (~> 1.11)
      zeitwerk (~> 2.6)
    et-orbi (1.2.7)
      tzinfo
    faraday (2.5.2)
      faraday-net_http (>= 2.0, < 3.1)
      ruby2_keywords (>= 0.0.4)
    faraday-net_http (3.0.0)
    ffi (1.15.5)
    ffi-compiler (1.0.1)
      ffi (>= 1.0.0)
      rake
    fugit (1.7.1)
      et-orbi (~> 1, >= 1.2.7)
      raabro (~> 1.4)
    geocoder (1.8.1)
    hashdiff (1.0.1)
    hashie (5.0.0)
    http (5.1.0)
      addressable (~> 2.8)
      http-cookie (~> 1.0)
      http-form_data (~> 2.2)
      llhttp-ffi (~> 0.4.0)
    http-cookie (1.0.5)
      domain_name (~> 0.5)
    http-form_data (2.3.0)
    i18n (1.12.0)
      concurrent-ruby (~> 1.0)
    jmespath (1.6.1)
    json (2.6.2)
    json-schema (3.0.0)
      addressable (>= 2.8)
    jwt (2.5.0)
    llhttp-ffi (0.4.0)
      ffi-compiler (~> 1.0)
      rake (~> 13.0)
    method_source (1.0.0)
    mini_portile2 (2.8.0)
    minitest (5.16.3)
    mock_redis (0.34.0)
      ruby2_keywords
    multi_json (1.15.0)
    multi_xml (0.6.0)
    murmurhash3 (0.1.6)
    mustermann (2.0.2)
      ruby2_keywords (~> 0.0.1)
    namecase (2.0.0)
    nio4r (2.5.8)
    nokogiri (1.13.8)
      mini_portile2 (~> 2.8.0)
      racc (~> 1.4)
    notifications-ruby-client (5.3.0)
      jwt (>= 1.5, < 3)
    oauth2 (2.0.9)
      faraday (>= 0.17.3, < 3.0)
      jwt (>= 1.0, < 3.0)
      multi_xml (~> 0.5)
      rack (>= 1.2, < 4)
      snaky_hash (~> 2.0)
      version_gem (~> 1.1)
    oj (3.13.21)
    ougai (2.0.0)
      oj (~> 3.10)
    parallel (1.22.1)
    parser (3.1.2.1)
      ast (~> 2.4.1)
    pg (1.4.3)
    pry (0.14.1)
      coderay (~> 1.1)
      method_source (~> 1.0)
    public_suffix (5.0.0)
    puma (5.6.5)
      nio4r (~> 2.0)
    raabro (1.4.0)
    racc (1.6.0)
    rack (2.2.4)
    rack-protection (2.2.2)
      rack
    rack-test (2.0.2)
      rack (>= 1.3)
    rainbow (3.1.1)
    rake (13.0.6)
    redis (4.8.0)
    regexp_parser (2.6.0)
    rexml (3.2.5)
    rspec (3.11.0)
      rspec-core (~> 3.11.0)
      rspec-expectations (~> 3.11.0)
      rspec-mocks (~> 3.11.0)
    rspec-core (3.11.0)
      rspec-support (~> 3.11.0)
    rspec-expectations (3.11.1)
      diff-lcs (>= 1.2.0, < 2.0)
      rspec-support (~> 3.11.0)
    rspec-mocks (3.11.1)
      diff-lcs (>= 1.2.0, < 2.0)
      rspec-support (~> 3.11.0)
    rspec-support (3.11.1)
    rubocop (1.35.0)
      json (~> 2.3)
      parallel (~> 1.10)
      parser (>= 3.1.2.1)
      rainbow (>= 2.2.2, < 4.0)
      regexp_parser (>= 1.8, < 3.0)
      rexml (>= 3.2.5, < 4.0)
      rubocop-ast (>= 1.20.1, < 2.0)
      ruby-progressbar (~> 1.7)
      unicode-display_width (>= 1.4.0, < 3.0)
    rubocop-ast (1.21.0)
      parser (>= 3.1.1.0)
    rubocop-govuk (4.7.0)
      rubocop (= 1.35.0)
      rubocop-ast (= 1.21.0)
      rubocop-rails (= 2.15.2)
      rubocop-rake (= 0.6.0)
      rubocop-rspec (= 2.12.1)
    rubocop-performance (1.15.0)
      rubocop (>= 1.7.0, < 2.0)
      rubocop-ast (>= 0.4.0)
    rubocop-rails (2.15.2)
      activesupport (>= 4.2.0)
      rack (>= 1.1)
      rubocop (>= 1.7.0, < 2.0)
    rubocop-rake (0.6.0)
      rubocop (~> 1.0)
    rubocop-rspec (2.12.1)
      rubocop (~> 1.31)
    ruby-progressbar (1.11.0)
    ruby2_keywords (0.0.5)
    rubyzip (2.3.2)
    sentry-ruby (5.4.2)
      concurrent-ruby (~> 1.0, >= 1.0.2)
    sidekiq (6.5.7)
      connection_pool (>= 2.2.5)
      rack (~> 2.0)
      redis (>= 4.5.0, < 5)
    sidekiq-cron (1.7.0)
      fugit (~> 1)
      sidekiq (>= 4.2.1)
    sinatra (2.2.2)
      mustermann (~> 2.0)
      rack (~> 2.2)
      rack-protection (= 2.2.2)
      tilt (~> 2.0)
    sinatra-activerecord (2.0.25)
      activerecord (>= 4.1)
      sinatra (>= 1.0)
    sinatra-contrib (2.2.2)
      multi_json
      mustermann (~> 2.0)
      rack-protection (= 2.2.2)
      sinatra (= 2.2.2)
      tilt (~> 2.0)
    sinatra-cross_origin (0.4.0)
    snaky_hash (2.0.1)
      hashie
      version_gem (~> 1.1, >= 1.1.1)
    tilt (2.0.11)
    timecop (0.9.5)
    tzinfo (2.0.5)
      concurrent-ruby (~> 1.0)
    unf (0.1.4)
      unf_ext
    unf_ext (0.0.8.2)
    unicode-display_width (2.3.0)
    unleash (4.3.0)
      murmurhash3 (~> 0.1.6)
    version_gem (1.1.1)
    webmock (3.18.1)
      addressable (>= 2.8.0)
      crack (>= 0.3.2)
      hashdiff (>= 0.4.0, < 2.0.0)
    wisper-rspec (1.1.0)
    zeitwerk (2.6.0)

PLATFORMS
  ruby

DEPENDENCIES
  aws-sdk-s3 (~> 1.114)
  database_cleaner
  debase (~> 0.2, >= 0.2.5.beta2)
  epb-auth-tools (~> 1.0.11)
  epb_view_models (~> 1.0, >= 1.0.25)
  geocoder (~> 1.8.0)
  http
  json-schema (~> 3.0)
  mock_redis (~> 0.34.0)
  namecase (~> 2.0)
  nokogiri (~> 1.13.8)
  notifications-ruby-client
  ougai (~> 2.0)
  pg (~> 1.4)
  pry (~> 0.14.1)
  puma (~> 5.6)
  rack-test (~> 2.0.2)
  rake (~> 13.0, >= 13.0.6)
  redis (~> 4.8.0)
  rspec (~> 3.11)
  rubocop (~> 1.35.0)
  rubocop-govuk (~> 4.7)
  rubocop-performance
  rubyzip (~> 2.3.2)
  sentry-ruby (~> 5.4)
  sidekiq (~> 6.5.6)
  sidekiq-cron (~> 1.7.0)
  sinatra (~> 2.2)
  sinatra-activerecord (~> 2.0.25)
  sinatra-contrib
  sinatra-cross_origin (~> 0.4.0)
  timecop (~> 0.9.5)
  unleash (~> 4.3.0)
  webmock (~> 3.18)
  wisper (~> 2.0.1)!
  wisper-rspec (~> 1.0, >= 1.0.1)
  zeitwerk (~> 2.6.0)

RUBY VERSION
   ruby 3.1.2p20

BUNDLED WITH
   2.3.15
