GEM
  remote: https://rubygems.org/
  specs:
    activemodel (7.1.3.2)
      activesupport (= 7.1.3.2)
    activerecord (7.1.3.2)
      activemodel (= 7.1.3.2)
      activesupport (= 7.1.3.2)
      timeout (>= 0.4.0)
    activesupport (7.1.3.2)
      base64
      bigdecimal
      concurrent-ruby (~> 1.0, >= 1.0.2)
      connection_pool (>= 2.2.5)
      drb
      i18n (>= 1.6, < 2)
      minitest (>= 5.1)
      mutex_m
      tzinfo (~> 2.0)
    addressable (2.8.6)
      public_suffix (>= 2.0.2, < 6.0)
    archive-zip (0.12.0)
      io-like (~> 0.3.0)
    ast (2.4.2)
    aws-eventstream (1.3.0)
    aws-partitions (1.903.0)
    aws-sdk-core (3.191.5)
      aws-eventstream (~> 1, >= 1.3.0)
      aws-partitions (~> 1, >= 1.651.0)
      aws-sigv4 (~> 1.8)
      jmespath (~> 1, >= 1.6.1)
    aws-sdk-kms (1.78.0)
      aws-sdk-core (~> 3, >= 3.191.0)
      aws-sigv4 (~> 1.1)
    aws-sdk-s3 (1.146.1)
      aws-sdk-core (~> 3, >= 3.191.0)
      aws-sdk-kms (~> 1)
      aws-sigv4 (~> 1.8)
    aws-sigv4 (1.8.0)
      aws-eventstream (~> 1, >= 1.0.2)
    base64 (0.2.0)
    bigdecimal (3.1.7)
    coderay (1.1.3)
    concurrent-ruby (1.2.3)
    connection_pool (2.4.1)
    crack (1.0.0)
      bigdecimal
      rexml
    database_cleaner (2.0.2)
      database_cleaner-active_record (>= 2, < 3)
    database_cleaner-active_record (2.1.0)
      activerecord (>= 5.a)
      database_cleaner-core (~> 2.0.0)
    database_cleaner-core (2.0.1)
    debase (0.2.5.beta2)
      debase-ruby_core_source (>= 0.10.12)
    debase-ruby_core_source (3.3.1)
    diff-lcs (1.5.1)
    drb (2.2.1)
    epb-auth-tools (1.1.0)
      jwt (~> 2.3)
      oauth2 (>= 1.4, < 3.0)
    epb_view_models (2.0.3)
      nokogiri (~> 1.16)
      zeitwerk (~> 2.6)
    faraday (2.9.0)
      faraday-net_http (>= 2.0, < 3.2)
    faraday-net_http (3.1.0)
      net-http
    geocoder (1.8.2)
    hashdiff (1.1.0)
    hashie (5.0.0)
    i18n (1.14.4)
      concurrent-ruby (~> 1.0)
    io-like (0.3.1)
    jmespath (1.6.2)
    json (2.7.2)
    json-schema (4.3.0)
      addressable (>= 2.8)
    jwt (2.8.1)
      base64
    language_server-protocol (3.17.0.3)
    method_source (1.0.0)
    mini_portile2 (2.8.5)
    minitest (5.22.3)
    mock_redis (0.44.0)
    multi_json (1.15.0)
    multi_xml (0.6.0)
    murmurhash3 (0.1.7)
    mustermann (3.0.0)
      ruby2_keywords (~> 0.0.1)
    mutex_m (0.2.0)
    namecase (2.0.0)
    net-http (0.4.1)
      uri
    nio4r (2.7.1)
    nokogiri (1.16.3)
      mini_portile2 (~> 2.8.2)
      racc (~> 1.4)
    oauth2 (2.0.9)
      faraday (>= 0.17.3, < 3.0)
      jwt (>= 1.0, < 3.0)
      multi_xml (~> 0.5)
      rack (>= 1.2, < 4)
      snaky_hash (~> 2.0)
      version_gem (~> 1.1)
    oj (3.16.3)
      bigdecimal (>= 3.0)
    ougai (2.0.0)
      oj (~> 3.10)
    parallel (1.24.0)
    parser (3.3.0.5)
      ast (~> 2.4.1)
      racc
    pg (1.5.6)
    pry (0.14.2)
      coderay (~> 1.1)
      method_source (~> 1.0)
    public_suffix (5.0.4)
    puma (6.4.2)
      nio4r (~> 2.0)
    racc (1.7.3)
    rack (3.0.10)
    rack-protection (4.0.0)
      base64 (>= 0.1.0)
      rack (>= 3.0.0, < 4)
    rack-session (2.0.0)
      rack (>= 3.0.0)
    rack-test (2.1.0)
      rack (>= 1.3)
    rackup (2.1.0)
      rack (>= 3)
      webrick (~> 1.8)
    rainbow (3.1.1)
    rake (13.2.1)
    redis (5.1.0)
      redis-client (>= 0.17.0)
    redis-client (0.21.0)
      connection_pool
    regexp_parser (2.9.0)
    rexml (3.2.6)
    rspec (3.13.0)
      rspec-core (~> 3.13.0)
      rspec-expectations (~> 3.13.0)
      rspec-mocks (~> 3.13.0)
    rspec-core (3.13.0)
      rspec-support (~> 3.13.0)
    rspec-expectations (3.13.0)
      diff-lcs (>= 1.2.0, < 2.0)
      rspec-support (~> 3.13.0)
    rspec-mocks (3.13.0)
      diff-lcs (>= 1.2.0, < 2.0)
      rspec-support (~> 3.13.0)
    rspec-support (3.13.1)
    rubocop (1.62.1)
      json (~> 2.3)
      language_server-protocol (>= 3.17.0)
      parallel (~> 1.10)
      parser (>= 3.3.0.2)
      rainbow (>= 2.2.2, < 4.0)
      regexp_parser (>= 1.8, < 3.0)
      rexml (>= 3.2.5, < 4.0)
      rubocop-ast (>= 1.31.1, < 2.0)
      ruby-progressbar (~> 1.7)
      unicode-display_width (>= 2.4.0, < 3.0)
    rubocop-ast (1.31.2)
      parser (>= 3.3.0.4)
    rubocop-capybara (2.20.0)
      rubocop (~> 1.41)
    rubocop-factory_bot (2.25.1)
      rubocop (~> 1.41)
    rubocop-govuk (4.16.1)
      rubocop (= 1.62.1)
      rubocop-ast (= 1.31.2)
      rubocop-rails (= 2.24.1)
      rubocop-rake (= 0.6.0)
      rubocop-rspec (= 2.28.0)
    rubocop-performance (1.21.0)
      rubocop (>= 1.48.1, < 2.0)
      rubocop-ast (>= 1.31.1, < 2.0)
    rubocop-rails (2.24.1)
      activesupport (>= 4.2.0)
      rack (>= 1.1)
      rubocop (>= 1.33.0, < 2.0)
      rubocop-ast (>= 1.31.1, < 2.0)
    rubocop-rake (0.6.0)
      rubocop (~> 1.0)
    rubocop-rspec (2.28.0)
      rubocop (~> 1.40)
      rubocop-capybara (~> 2.17)
      rubocop-factory_bot (~> 2.22)
      rubocop-rspec_rails (~> 2.28)
    rubocop-rspec_rails (2.28.2)
      rubocop (~> 1.40)
    ruby-progressbar (1.13.0)
    ruby2_keywords (0.0.5)
    rubyzip (2.3.2)
    sentry-ruby (5.17.2)
      bigdecimal
      concurrent-ruby (~> 1.0, >= 1.0.2)
    sinatra (4.0.0)
      mustermann (~> 3.0)
      rack (>= 3.0.0, < 4)
      rack-protection (= 4.0.0)
      rack-session (>= 2.0.0, < 3)
      tilt (~> 2.0)
    sinatra-activerecord (2.0.27)
      activerecord (>= 4.1)
      sinatra (>= 1.0)
    sinatra-contrib (4.0.0)
      multi_json (>= 0.0.2)
      mustermann (~> 3.0)
      rack-protection (= 4.0.0)
      sinatra (= 4.0.0)
      tilt (~> 2.0)
    sinatra-cross_origin (0.4.0)
    snaky_hash (2.0.1)
      hashie
      version_gem (~> 1.1, >= 1.1.1)
    tilt (2.3.0)
    timecop (0.9.8)
    timeout (0.4.1)
    tzinfo (2.0.6)
      concurrent-ruby (~> 1.0)
    unicode-display_width (2.5.0)
    unleash (5.0.1)
      murmurhash3 (~> 0.1.7)
    uri (0.13.0)
    version_gem (1.1.3)
    webmock (3.23.0)
      addressable (>= 2.8.0)
      crack (>= 0.3.2)
      hashdiff (>= 0.4.0, < 2.0.0)
    webrick (1.8.1)
    wisper (3.0.0.rc1)
    wisper-rspec (1.1.0)
    zeitwerk (2.6.13)

PLATFORMS
  ruby

DEPENDENCIES
  activerecord (~> 7.1.2)
  archive-zip
  aws-sdk-s3 (~> 1.146)
  database_cleaner
  debase (~> 0.2, >= 0.2.5.beta2)
  epb-auth-tools (~> 1.1.0)
  epb_view_models (~> 2.0)
  geocoder (~> 1.8.0)
  json-schema (~> 4.3)
  mock_redis (~> 0.44.0)
  namecase (~> 2.0)
  nokogiri (~> 1.16)
  ougai (~> 2.0)
  parallel (~> 1.24)
  pg (~> 1.5)
  pry (~> 0.14.2)
  puma (~> 6.4)
  rack-test (~> 2.1.0)
  rackup (~> 2.1)
  rake (~> 13.2)
  redis (~> 5.1.0)
  rspec (~> 3.12)
  rubocop (~> 1.62.1)
  rubocop-govuk (~> 4.16)
  rubocop-performance
  rubyzip (~> 2.3.2)
  sentry-ruby (~> 5.17)
  sinatra (~> 4.0)
  sinatra-activerecord (~> 2.0.27)
  sinatra-contrib
  sinatra-cross_origin (~> 0.4.0)
  timecop (~> 0.9.8)
  unleash (~> 5.0.1)
  webmock (~> 3.23)
  wisper (~> 3.0.0.rc1)
  wisper-rspec (~> 1.0, >= 1.0.1)
  zeitwerk (~> 2.6.12)

RUBY VERSION
   ruby 3.1.3p185

BUNDLED WITH
   2.4.13
